GIT
  remote: git://github.com/brutuscat/poltergeist.git
  revision: aace49057e4691aa8e1de3c5b1729693a14a71f0
  specs:
    poltergeist (1.0.2)
      capybara (~> 2.0, >= 2.0.1)
      childprocess (~> 0.3)
      faye-websocket (~> 0.4, >= 0.4.4)
      http_parser.rb (~> 0.5.3)
      multi_json (~> 1.0)

GIT
  remote: git://github.com/jilion/turbolinks.git
  revision: c800a62e398ffa4724f8b83c49fc66090409325b
  branch: ios_video_issue
  specs:
    turbolinks (1.0.0)
      coffee-rails

GIT
  remote: git://github.com/librato/librato-rails.git
  revision: 82a95ae54f2ed990135a7b655293107384da2796
  branch: feature/rack_first
  specs:
    librato-rails (0.8.1)
      librato-metrics (~> 1.0.2)
      rails (>= 3.0)

GIT
  remote: git://github.com/rspec/rspec-core.git
  revision: 771f5f0d33420eaba197bc0c13c66898cdda585c
  specs:
    rspec-core (2.12.2)

GIT
  remote: git://github.com/rspec/rspec-expectations.git
  revision: b468a192285959bf6c9587b1bbe6c1aa947d7c67
  specs:
    rspec-expectations (2.12.1)
      diff-lcs (~> 1.1.3)

GIT
  remote: git://github.com/rspec/rspec-mocks.git
  revision: a0c8217640fcf0859fa32a88fb59aff0f8b9c4c6
  specs:
    rspec-mocks (2.12.1)

GIT
  remote: git://github.com/rspec/rspec-rails.git
  revision: 21f3ed4d85044aaa3af98421a19ffc8b2ad483ce
  specs:
    rspec-rails (2.12.0)
      actionpack (>= 3.0)
      activesupport (>= 3.0)
      railties (>= 3.0)
      rspec-core (~> 2.12.0)
      rspec-expectations (~> 2.12.0)
      rspec-mocks (~> 2.12.0)

GIT
  remote: git://github.com/rspec/rspec.git
  revision: b8e9f832cc56966ff48c47d5ec1f918c38986380
  specs:
    rspec (2.12.0)
      rspec-core (~> 2.12.0)
      rspec-expectations (~> 2.12.0)
      rspec-mocks (~> 2.12.0)

GIT
  remote: git://github.com/thoughtbot/shoulda-matchers.git
  revision: f7337c62bb8fa361f65fad39f04dca084a4b4420
  specs:
    shoulda-matchers (1.4.2)
      activesupport (>= 3.0.0)
      bourne (~> 1.2.0)

GEM
  remote: https://rubygems.org/
  remote: https://gems.gemfury.com/8dezqz7z7HWea9vtaFwg/
  specs:
    RedCloth (4.2.9)
    actionmailer (3.2.11)
      actionpack (= 3.2.11)
      mail (~> 2.4.4)
    actionpack (3.2.11)
      activemodel (= 3.2.11)
      activesupport (= 3.2.11)
      builder (~> 3.0.0)
      erubis (~> 2.7.0)
      journey (~> 1.0.4)
      rack (~> 1.4.0)
      rack-cache (~> 1.2)
      rack-test (~> 0.6.1)
      sprockets (~> 2.2.1)
    activemodel (3.2.11)
      activesupport (= 3.2.11)
      builder (~> 3.0.0)
    activerecord (3.2.11)
      activemodel (= 3.2.11)
      activesupport (= 3.2.11)
      arel (~> 3.0.2)
      tzinfo (~> 0.3.29)
    activeresource (3.2.11)
      activemodel (= 3.2.11)
      activesupport (= 3.2.11)
    activesupport (3.2.11)
      i18n (~> 0.6)
      multi_json (~> 1.0)
    addressable (2.3.2)
    aggregate (0.2.2)
    airbrake (3.1.6)
      builder
      girl_friday
    annotate (2.5.0)
      rake
    arel (3.0.2)
    asset_sync (0.5.3)
      activemodel
      fog
    bourne (1.2.1)
      mocha (= 0.12.7)
    builder (3.0.4)
    capybara (2.0.2)
      mime-types (>= 1.16)
      nokogiri (>= 1.3.3)
      rack (>= 1.0.0)
      rack-test (>= 0.5.4)
      selenium-webdriver (~> 2.0)
      xpath (~> 1.0.0)
    carrierwave (0.8.0)
      activemodel (>= 3.2.0)
      activesupport (>= 3.2.0)
    celluloid (0.12.4)
      facter (>= 1.6.12)
      timers (>= 1.0.0)
    childprocess (0.3.6)
      ffi (~> 1.0, >= 1.0.6)
    coderay (1.0.8)
    coffee-rails (3.2.2)
      coffee-script (>= 2.2.0)
      railties (~> 3.2.0)
    coffee-script (2.2.0)
      coffee-script-source
      execjs
    coffee-script-source (1.4.0)
    connection_pool (1.0.0)
    countries (0.8.4)
      currencies (>= 0.4.0)
    crack (0.3.2)
    currencies (0.4.0)
    daemons (1.1.9)
    dalli (2.6.0)
    diff-lcs (1.1.3)
    em-websocket (0.3.8)
      addressable (>= 2.1.1)
      eventmachine (>= 0.12.9)
    erubis (2.7.0)
    ethon (0.5.7)
      ffi (~> 1.2.0)
      mime-types (~> 1.18)
    eventmachine (1.0.0)
    excon (0.16.10)
    execjs (1.4.0)
      multi_json (~> 1.0)
    facter (1.6.17)
    factory_girl (4.1.0)
      activesupport (>= 3.0.0)
    factory_girl_rails (4.1.0)
      factory_girl (~> 4.1.0)
      railties (>= 3.0.0)
    faraday (0.8.4)
      multipart-post (~> 1.1)
    faraday_middleware (0.9.0)
      faraday (>= 0.7.4, < 0.9)
    faye-websocket (0.4.6)
      eventmachine (>= 0.12.0)
    ffaker (1.15.0)
    ffi (1.2.1)
    fog (1.9.0)
      builder
      excon (~> 0.14)
      formatador (~> 0.2.0)
      mime-types
      multi_json (~> 1.0)
      net-scp (~> 1.0.4)
      net-ssh (>= 2.1.3)
      nokogiri (~> 1.5.0)
      ruby-hmac
    formatador (0.2.4)
    girl_friday (0.11.2)
      connection_pool (~> 1.0)
      rubinius-actor
    google-analytics-turbolinks (0.0.1)
    guard (1.6.1)
      listen (>= 0.6.0)
      lumberjack (>= 1.0.2)
      pry (>= 0.9.10)
      thor (>= 0.14.6)
    guard-livereload (1.1.3)
      em-websocket (>= 0.2.0)
      guard (>= 1.5.0)
      multi_json (~> 1.0)
    guard-pow (1.0.0)
      guard (>= 1.1)
    guard-rspec (2.4.0)
      guard (>= 1.1)
      rspec (~> 2.11)
    haml (3.1.7)
    has_scope (0.5.1)
    hashie (1.2.0)
    hike (1.2.1)
    http_parser.rb (0.5.3)
    i18n (0.6.1)
    inflection (1.0.0)
    journey (1.0.4)
    jquery-rails (2.2.0)
      railties (>= 3.0, < 5.0)
      thor (>= 0.14, < 2.0)
    json (1.7.6)
    kaminari (0.14.1)
      actionpack (>= 3.0.0)
      activesupport (>= 3.0.0)
    launchy (2.1.2)
      addressable (~> 2.3)
    librato-metrics (1.0.2)
      aggregate (~> 0.2.2)
      faraday (~> 0.7)
      multi_json
    libxml-ruby (2.3.3)
    listen (0.7.2)
    lograge (0.1.2)
      actionpack
      activesupport
    lumberjack (1.0.2)
    mail (2.4.4)
      i18n (>= 0.4.0)
      mime-types (~> 1.16)
      treetop (~> 1.4.8)
    metaclass (0.0.1)
    method_source (0.8.1)
    mime-types (1.19)
    mocha (0.12.7)
      metaclass (~> 0.0.1)
    multi_json (1.5.0)
    multipart-post (1.1.5)
    net-scp (1.0.4)
      net-ssh (>= 1.99.1)
    net-ssh (2.6.3)
    newrelic_rpm (3.5.5.38)
    nokogiri (1.5.6)
    pg (0.14.1)
    polyamorous (0.5.0)
      activerecord (~> 3.0)
    polyglot (0.3.3)
    powder (0.1.8)
      thor (>= 0.11.5)
    pry (0.9.11.4)
      coderay (~> 1.0.5)
      method_source (~> 0.8)
      slop (~> 3.4)
    quiet_assets (1.0.1)
      railties (~> 3.1)
    rack (1.4.4)
    rack-cache (1.2)
      rack (>= 0.4)
    rack-google-analytics (0.11.0)
    rack-livereload (0.3.10)
      rack
    rack-no-www (0.0.2)
    rack-nocache (0.1.0)
    rack-ssl (1.3.2)
      rack
    rack-ssl-enforcer (0.2.5)
    rack-test (0.6.2)
      rack (>= 1.0)
    rails (3.2.11)
      actionmailer (= 3.2.11)
      actionpack (= 3.2.11)
      activerecord (= 3.2.11)
      activeresource (= 3.2.11)
      activesupport (= 3.2.11)
      bundler (~> 1.0)
      railties (= 3.2.11)
    railties (3.2.11)
      actionpack (= 3.2.11)
      activesupport (= 3.2.11)
      rack-ssl (~> 1.3.2)
      rake (>= 0.8.7)
      rdoc (~> 3.4)
      thor (>= 0.14.6, < 2.0)
    rake (10.0.3)
    ratom (0.7.2)
      libxml-ruby (~> 2.3.2)
    rb-fsevent (0.9.3)
    rb-readline (0.4.2)
    rdoc (3.12)
      json (~> 1.4)
    redis (3.0.2)
    redis-namespace (1.2.1)
      redis (~> 3.0.0)
    rescue_me (0.1.1)
    responders (0.9.3)
      railties (~> 3.1)
    rubinius-actor (0.0.2)
      rubinius-core-api
    rubinius-core-api (0.0.1)
    ruby-hmac (0.4.0)
    ruby_gntp (0.3.4)
    rubyzip (0.9.9)
    sass (3.2.5)
    sass-rails (3.2.6)
      railties (~> 3.2.0)
      sass (>= 3.1.10)
      tilt (~> 1.3)
    selenium-webdriver (2.29.0)
      childprocess (>= 0.2.5)
      multi_json (~> 1.0)
      rubyzip
      websocket (~> 1.0.4)
    sidekiq (2.6.5)
      celluloid (~> 0.12.0)
      connection_pool (~> 1.0)
      multi_json (~> 1)
      redis (~> 3)
      redis-namespace
    simple_oauth (0.2.0)
    slop (3.4.3)
    sprockets (2.2.2)
      hike (~> 1.2)
      multi_json (~> 1.0)
      rack (~> 1.0)
      tilt (~> 1.1, != 1.3.0)
    squeel (1.0.14)
      activerecord (~> 3.0)
      activesupport (~> 3.0)
      polyamorous (~> 0.5.0)
    sublime_video_layout (2.5.16)
      coffee-rails
      haml
      jquery-rails
      rails
    thin (1.5.0)
      daemons (>= 1.0.9)
      eventmachine (>= 0.12.6)
      rack (>= 1.0.0)
    thor (0.16.0)
    tilt (1.3.3)
    timers (1.1.0)
    treetop (1.4.12)
      polyglot
      polyglot (>= 0.3.1)
    twitter (4.4.4)
      faraday (~> 0.8, < 0.10)
      multi_json (~> 1.0)
      simple_oauth (~> 0.2)
    typhoeus (0.5.4)
      ethon (~> 0.5.7)
    tzinfo (0.3.35)
    uglifier (1.3.0)
      execjs (>= 0.3.0)
      multi_json (~> 1.0, >= 1.0.2)
    vcr (2.4.0)
    webmock (1.9.0)
      addressable (>= 2.2.7)
      crack (>= 0.1.7)
    websocket (1.0.6)
    xpath (1.0.0)
      nokogiri (~> 1.3)
    zendesk_api (0.2.2)
      faraday (>= 0.8.0)
      faraday_middleware (>= 0.8.7)
      hashie
      inflection
      json
      mime-types
      multipart-post

PLATFORMS
  ruby

DEPENDENCIES
  RedCloth
  airbrake
  annotate
  asset_sync (= 0.5.3)
  capybara
  carrierwave
  coffee-rails
  countries
  dalli
  factory_girl_rails
  ffaker
  google-analytics-turbolinks
  guard-livereload
  guard-pow
  guard-rspec
  haml
  has_scope
  kaminari
  launchy
  librato-rails!
  lograge
  newrelic_rpm
  pg
  poltergeist!
  powder
  quiet_assets
  rack-cache
  rack-google-analytics
  rack-livereload
  rack-no-www
  rack-nocache
  rack-ssl-enforcer
  rails (= 3.2.11)
  ratom
  rb-fsevent
  rb-readline
  rescue_me
  responders
  rspec!
  rspec-core!
  rspec-expectations!
  rspec-mocks!
  rspec-rails!
  ruby_gntp
  sass-rails
  shoulda-matchers!
  sidekiq
  squeel
  sublime_video_layout (~> 2.0)
  thin
  turbolinks!
  twitter
  typhoeus (~> 0.5.3)
  uglifier
  vcr
  webmock
  zendesk_api
